GEM
  remote: https://rubygems.org/
  specs:
    rack (2.2.6.4)

PLATFORMS
  ruby

DEPENDENCIES
  rack

BUNDLED WITH
   1.10.6
