GEM
  remote: https://rubygems.org/
  specs:
    nio4r (2.7.4)
    puma (6.6.0)
      nio4r (~> 2.0)
    rack (3.1.10)
    rackup (2.2.1)
      rack (>= 3)

PLATFORMS
  arm64-darwin-24
  x86_64-linux

DEPENDENCIES
  puma
  rack
  rackup

RUBY VERSION
   ruby 3.2.7p253

BUNDLED WITH
   2.4.19
